GEM
  remote: http://rubygems.org/
  specs:
    activesupport (3.1.0)
      multi_json (~> 1.0)
    assert2 (0.5.5)
    builder (3.0.0)
    erector (0.8.3)
      rake
      rake
      treetop
      treetop (>= 1.2.3)
    flexmock (0.9.0)
    hoptoad_notifier (2.4.11)
      activesupport
      builder
    i18n (0.6.0)
    json (1.6.1)
    multi_json (1.0.3)
    pg (0.11.0)
    polyglot (0.3.2)
    rack (1.3.4)
    rack-protection (1.1.1)
      rack
    rack-test (0.6.1)
      rack (>= 1.0)
    rake (0.9.2)
    sequel (3.27.0)
    shoulda (2.11.3)
    sinatra (1.3.0)
      rack (~> 1.3)
      rack-protection (~> 1.1)
      tilt (~> 1.3)
    tilt (1.3.3)
    treetop (1.4.10)
      polyglot
      polyglot (>= 0.3.1)

PLATFORMS
  ruby

DEPENDENCIES
  assert2
  erector
  flexmock
  hoptoad_notifier
  i18n
  json
  pg
  rack-test
  sequel
  shoulda
  sinatra
