GEM
  remote: http://rubygems.org/
  specs:
    RedCloth (4.2.8)
    activesupport (3.1.1)
      multi_json (~> 1.0)
    assert2 (0.5.5)
    bluecloth (2.1.0)
    builder (3.0.0)
    capybara (1.1.1)
      mime-types (>= 1.16)
      nokogiri (>= 1.3.3)
      rack (>= 1.0.0)
      rack-test (>= 0.5.4)
      selenium-webdriver (~> 2.0)
      xpath (~> 0.1.4)
    childprocess (0.2.2)
      ffi (~> 1.0.6)
    erector (0.8.3)
      rake
      rake
      treetop
      treetop (>= 1.2.3)
    ffi (1.0.10)
    flexmock (0.9.0)
    haml (3.1.3)
    hoptoad_notifier (2.4.11)
      activesupport
      builder
    i18n (0.6.0)
    json (1.6.1)
    json_pure (1.6.1)
    mime-types (1.16)
    multi_json (1.0.3)
    nokogiri (1.5.0)
    pg (0.11.0)
    polyglot (0.3.2)
    rack (1.3.5)
    rack-coffee (0.9.1)
      rack
    rack-protection (1.1.4)
      rack
    rack-test (0.6.1)
      rack (>= 1.0)
    rake (0.9.2)
    rubyzip (0.9.4)
    selenium-webdriver (2.8.0)
      childprocess (>= 0.2.1)
      ffi (>= 1.0.7)
      json_pure
      rubyzip
    sequel (3.28.0)
    shoulda (2.11.3)
    sinatra (1.3.1)
      rack (~> 1.3, >= 1.3.4)
      rack-protection (~> 1.1, >= 1.1.2)
      tilt (~> 1.3, >= 1.3.3)
    tilt (1.3.3)
    treetop (1.4.10)
      polyglot
      polyglot (>= 0.3.1)
    xpath (0.1.4)
      nokogiri (~> 1.3)

PLATFORMS
  ruby

DEPENDENCIES
  RedCloth
  assert2
  bluecloth
  capybara
  erector
  flexmock
  haml
  hoptoad_notifier
  i18n
  json
  pg
  rack-coffee
  rack-test
  sequel
  shoulda
  sinatra
